GEM
  remote: http://rubygems.org/
  specs:
    ZenTest (4.2.1)
    actionmailer (2.3.5)
      actionpack (= 2.3.5)
    actionpack (2.3.5)
      activesupport (= 2.3.5)
      rack (~> 1.0.0)
    activerecord (2.3.5)
      activesupport (= 2.3.5)
    activeresource (2.3.5)
      activesupport (= 2.3.5)
    activesupport (2.3.5)
    compass (0.10.4)
      haml (>= 3.0.4)
    compass-960-plugin (0.9.13)
      compass (>= 0.10.0.rc3)
    configuration (1.1.0)
    haml (3.0.17)
    heroku (1.8.0)
      json_pure (~> 1.2.0)
      launchy (~> 0.3.2)
      rest-client (~> 1.3.0)
    json_pure (1.2.4)
    launchy (0.3.7)
      configuration (>= 0.0.5)
      rake (>= 0.8.1)
    mime-types (1.16)
    nokogiri (1.4.1)
    pg (0.9.0)
    rack (1.0.1)
    rails (2.3.5)
      actionmailer (= 2.3.5)
      actionpack (= 2.3.5)
      activerecord (= 2.3.5)
      activeresource (= 2.3.5)
      activesupport (= 2.3.5)
      rake (>= 0.8.3)
    rake (0.8.7)
    rest-client (1.3.1)
      mime-types (>= 1.16)
    rspec (1.3.0)
    rspec-rails (1.3.2)
      rack (>= 1.0.0)
      rspec (>= 1.3.0)
    rubyzip (0.9.4)

PLATFORMS
  ruby

DEPENDENCIES
  ZenTest (= 4.2.1)
  compass (= 0.10.4)
  compass-960-plugin (= 0.9.13)
  haml (= 3.0.17)
  heroku (= 1.8.0)
  nokogiri (= 1.4.1)
  pg (= 0.9.0)
  rails (= 2.3.5)
  rspec (= 1.3.0)
  rspec-rails (= 1.3.2)
  rubyzip (= 0.9.4)
